GEM
  remote: http://rubygems.org/
  specs:
    ansi (1.4.1)
    git (1.2.5)
    jeweler (1.6.4)
      bundler (~> 1.0)
      git (>= 1.2.5)
      rake
    json (1.6.5)
    minitest (2.10.1)
    nokogiri (1.5.0)
    rake (0.9.2)
    rcov (0.9.10)
    rdoc (3.12)
      json (~> 1.4)
    shoulda (2.11.3)
    turn (0.8.3)
      ansi

PLATFORMS
  ruby

DEPENDENCIES
  bundler (~> 1.0.0)
  jeweler (~> 1.6.0)
  minitest (~> 2.10.1)
  nokogiri
  rcov
  rdoc (~> 3.12)
  shoulda
  turn (~> 0.8.3)
