GEM
  remote: http://rubygems.org/
  specs:
    activesupport (3.2.8)
      i18n (~> 0.6)
      multi_json (~> 1.0)
    ansi (1.4.3)
    git (1.2.5)
    i18n (0.6.1)
    jeweler (1.8.4)
      bundler (~> 1.0)
      git (>= 1.2.5)
      rake
      rdoc
    json (1.7.5)
    minitest (3.4.0)
    multi_json (1.3.6)
    nokogiri (1.5.5)
    rake (0.9.2.2)
    rdoc (3.12)
      json (~> 1.4)
    shoulda (3.1.1)
      shoulda-context (~> 1.0)
      shoulda-matchers (~> 1.2)
    shoulda-context (1.0.0)
    shoulda-matchers (1.3.0)
      activesupport (>= 3.0.0)
    simplecov (0.6.4)
      multi_json (~> 1.0)
      simplecov-html (~> 0.5.3)
    simplecov-html (0.5.3)
    turn (0.9.6)
      ansi

PLATFORMS
  ruby

DEPENDENCIES
  bundler (~> 1.1.0)
  jeweler (~> 1.8.4)
  minitest (~> 3.4.0)
  nokogiri (~> 1.5.5)
  rdoc (~> 3.12)
  shoulda (>= 3.1.0)
  simplecov
  turn (~> 0.9.6)
